GIT
  remote: https://github.com/seuros/capistrano-puma.git
  revision: 285b45f51d0662e760cc5e75f15614589a2be170
  specs:
    capistrano3-puma (5.0.4)
      capistrano (~> 3.7)
      capistrano-bundler
      puma (>= 4.0, < 6.0)

GEM
  remote: https://rubygems.org/
  specs:
    actioncable (7.0.3.1)
      actionpack (= 7.0.3.1)
      activesupport (= 7.0.3.1)
      nio4r (~> 2.0)
      websocket-driver (>= 0.6.1)
    actionmailbox (7.0.3.1)
      actionpack (= 7.0.3.1)
      activejob (= 7.0.3.1)
      activerecord (= 7.0.3.1)
      activestorage (= 7.0.3.1)
      activesupport (= 7.0.3.1)
      mail (>= 2.7.1)
      net-imap
      net-pop
      net-smtp
    actionmailer (7.0.3.1)
      actionpack (= 7.0.3.1)
      actionview (= 7.0.3.1)
      activejob (= 7.0.3.1)
      activesupport (= 7.0.3.1)
      mail (~> 2.5, >= 2.5.4)
      net-imap
      net-pop
      net-smtp
      rails-dom-testing (~> 2.0)
    actionpack (7.0.3.1)
      actionview (= 7.0.3.1)
      activesupport (= 7.0.3.1)
      rack (~> 2.0, >= 2.2.0)
      rack-test (>= 0.6.3)
      rails-dom-testing (~> 2.0)
      rails-html-sanitizer (~> 1.0, >= 1.2.0)
    actiontext (7.0.3.1)
      actionpack (= 7.0.3.1)
      activerecord (= 7.0.3.1)
      activestorage (= 7.0.3.1)
      activesupport (= 7.0.3.1)
      globalid (>= 0.6.0)
      nokogiri (>= 1.8.5)
    actionview (7.0.3.1)
      activesupport (= 7.0.3.1)
      builder (~> 3.1)
      erubi (~> 1.4)
      rails-dom-testing (~> 2.0)
      rails-html-sanitizer (~> 1.1, >= 1.2.0)
    activejob (7.0.3.1)
      activesupport (= 7.0.3.1)
      globalid (>= 0.3.6)
    activemodel (7.0.3.1)
      activesupport (= 7.0.3.1)
    activerecord (7.0.3.1)
      activemodel (= 7.0.3.1)
      activesupport (= 7.0.3.1)
    activestorage (7.0.3.1)
      actionpack (= 7.0.3.1)
      activejob (= 7.0.3.1)
      activerecord (= 7.0.3.1)
      activesupport (= 7.0.3.1)
      marcel (~> 1.0)
      mini_mime (>= 1.1.0)
    activesupport (7.0.3.1)
      concurrent-ruby (~> 1.0, >= 1.0.2)
      i18n (>= 1.6, < 2)
      minitest (>= 5.1)
      tzinfo (~> 2.0)
    airbrussh (1.4.0)
      sshkit (>= 1.6.1, != 1.7.0)
    asciidoctor (2.0.15)
    ast (2.4.2)
    awesome_print (1.9.2)
    babel-source (5.8.35)
    babel-transpiler (0.7.0)
      babel-source (>= 4.0, < 6)
      execjs (~> 2.0)
    backport (1.2.0)
    bcrypt_pbkdf (1.1.0)
    benchmark (0.1.1)
    bootsnap (1.7.5)
      msgpack (~> 1.0)
    builder (3.2.4)
    capistrano (3.16.0)
      airbrussh (>= 1.0.0)
      i18n
      rake (>= 10.0.0)
      sshkit (>= 1.9.0)
    capistrano-bundler (2.0.1)
      capistrano (~> 3.1)
    capistrano-rails (1.6.1)
      capistrano (~> 3.1)
      capistrano-bundler (>= 1.1, < 3)
    capistrano-rbenv (2.2.0)
      capistrano (~> 3.1)
      sshkit (~> 1.3)
    codecov (0.5.2)
      simplecov (>= 0.15, < 0.22)
    colored (1.2)
    colored2 (3.1.2)
    concurrent-ruby (1.1.10)
    connection_pool (2.2.5)
    crass (1.0.6)
    dalli (2.7.11)
    ddtrace (0.51.1)
      ffi (~> 1.0)
      msgpack
    diff-lcs (1.4.4)
    digest (3.1.0)
    docile (1.4.0)
    dogapi (1.29.0)
      multi_json
    dogstatsd-ruby (5.2.0)
    e2mmap (0.1.0)
    ed25519 (1.2.4)
    erubi (1.10.0)
    execjs (2.8.1)
    ffi (1.15.3)
    globalid (1.0.0)
      activesupport (>= 5.0)
    haml (5.2.1)
      temple (>= 0.8.0)
      tilt
    hashie (4.1.0)
    highline (2.0.3)
    i18n (1.12.0)
      concurrent-ruby (~> 1.0)
    jaro_winkler (1.5.4)
    jbuilder (2.11.2)
      activesupport (>= 5.0.0)
    kramdown (2.3.1)
      rexml
    kramdown-parser-gfm (1.1.0)
      kramdown (~> 2.0)
    laser-cutter (1.0.3)
      colored
      hashie
      prawn
    lograge (0.11.2)
      actionpack (>= 4)
      activesupport (>= 4)
      railties (>= 4)
      request_store (~> 1.0)
    loofah (2.18.0)
      crass (~> 1.0.2)
      nokogiri (>= 1.5.9)
    mail (2.7.1)
      mini_mime (>= 0.1.1)
    marcel (1.0.2)
    method_source (1.0.0)
    mini_mime (1.1.2)
    mini_portile2 (2.8.0)
    minitest (5.16.2)
    mry (0.78.0.0)
      rubocop (>= 0.41.0)
    msgpack (1.4.2)
    multi_json (1.15.0)
    net-imap (0.2.3)
      digest
      net-protocol
      strscan
    net-pop (0.1.1)
      digest
      net-protocol
      timeout
    net-protocol (0.1.3)
      timeout
    net-scp (3.0.0)
      net-ssh (>= 2.6.5, < 7.0.0)
    net-smtp (0.3.1)
      digest
      net-protocol
      timeout
    net-ssh (6.1.0)
    newrelic_rpm (7.2.0)
    nio4r (2.5.8)
    nokogiri (1.13.7)
      mini_portile2 (~> 2.8.0)
      racc (~> 1.4)
    parallel (1.20.1)
    parser (3.0.2.0)
      ast (~> 2.4.1)
    pdf-core (0.9.0)
    prawn (2.4.0)
      pdf-core (~> 0.9.0)
      ttfunk (~> 1.7)
    puma (5.3.2)
      nio4r (~> 2.0)
    racc (1.6.0)
    rack (2.2.4)
    rack-test (2.0.2)
      rack (>= 1.3)
    rack-timeout (0.6.0)
    rails (7.0.3.1)
      actioncable (= 7.0.3.1)
      actionmailbox (= 7.0.3.1)
      actionmailer (= 7.0.3.1)
      actionpack (= 7.0.3.1)
      actiontext (= 7.0.3.1)
      actionview (= 7.0.3.1)
      activejob (= 7.0.3.1)
      activemodel (= 7.0.3.1)
      activerecord (= 7.0.3.1)
      activestorage (= 7.0.3.1)
      activesupport (= 7.0.3.1)
      bundler (>= 1.15.0)
      railties (= 7.0.3.1)
    rails-dom-testing (2.0.3)
      activesupport (>= 4.2.0)
      nokogiri (>= 1.6)
    rails-html-sanitizer (1.4.3)
      loofah (~> 2.3)
    railties (7.0.3.1)
      actionpack (= 7.0.3.1)
      activesupport (= 7.0.3.1)
      method_source
      rake (>= 12.2)
      thor (~> 1.0)
      zeitwerk (~> 2.5)
    rainbow (3.0.0)
    rake (13.0.6)
    rb-fsevent (0.11.0)
    rdoc (6.3.2)
    regexp_parser (2.1.1)
    request_store (1.5.0)
      rack (>= 1.4)
    reverse_markdown (2.0.0)
      nokogiri
    rexml (3.2.5)
    rspec-core (3.10.1)
      rspec-support (~> 3.10.0)
    rspec-expectations (3.10.1)
      diff-lcs (>= 1.2.0, < 2.0)
      rspec-support (~> 3.10.0)
    rspec-its (1.3.0)
      rspec-core (>= 3.0.0)
      rspec-expectations (>= 3.0.0)
    rspec-mocks (3.10.2)
      diff-lcs (>= 1.2.0, < 2.0)
      rspec-support (~> 3.10.0)
    rspec-rails (5.0.1)
      actionpack (>= 5.2)
      activesupport (>= 5.2)
      railties (>= 5.2)
      rspec-core (~> 3.10)
      rspec-expectations (~> 3.10)
      rspec-mocks (~> 3.10)
      rspec-support (~> 3.10)
    rspec-support (3.10.2)
    rubocop (1.18.4)
      parallel (~> 1.10)
      parser (>= 3.0.0.0)
      rainbow (>= 2.2.2, < 4.0)
      regexp_parser (>= 1.8, < 3.0)
      rexml
      rubocop-ast (>= 1.8.0, < 2.0)
      ruby-progressbar (~> 1.7)
      unicode-display_width (>= 1.4.0, < 3.0)
    rubocop-ast (1.8.0)
      parser (>= 3.0.1.1)
    rubocop-rails (2.11.3)
      activesupport (>= 4.2.0)
      rack (>= 1.1)
      rubocop (>= 1.7.0, < 2.0)
    rubocop-rspec (2.4.0)
      rubocop (~> 1.0)
      rubocop-ast (>= 1.1.0)
    ruby-progressbar (1.11.0)
    rufo (0.13.0)
    sassc (2.4.0)
      ffi (~> 1.9)
    sassc-rails (2.1.2)
      railties (>= 4.0.0)
      sassc (>= 2.0)
      sprockets (> 3.0)
      sprockets-rails
      tilt
    sdoc (2.2.0)
      rdoc (>= 5.0)
    simplecov (0.21.2)
      docile (~> 1.1)
      simplecov-html (~> 0.11)
      simplecov_json_formatter (~> 0.1)
    simplecov-html (0.12.3)
    simplecov_json_formatter (0.1.3)
    slop (4.9.1)
    solargraph (0.42.4)
      backport (~> 1.2)
      benchmark
      bundler (>= 1.17.2)
      diff-lcs (~> 1.4)
      e2mmap
      jaro_winkler (~> 1.5)
      kramdown (~> 2.3)
      kramdown-parser-gfm (~> 1.1)
      parser (~> 3.0)
      reverse_markdown (>= 1.0.5, < 3)
      rubocop (>= 0.52)
      thor (~> 1.0)
      tilt (~> 2.0)
      yard (~> 0.9, >= 0.9.24)
    sprockets (4.1.1)
      concurrent-ruby (~> 1.0)
      rack (> 1, < 3)
    sprockets-rails (3.4.2)
      actionpack (>= 5.2)
      activesupport (>= 5.2)
      sprockets (>= 3.0.0)
    sshkit (1.21.2)
      net-scp (>= 1.1.2)
      net-ssh (>= 2.8.0)
    strscan (3.0.3)
    sym (3.0.1)
      activesupport
      colored2 (~> 3)
      dalli
      highline
      slop (~> 4.3)
    temple (0.8.2)
    thor (1.2.1)
    tilt (2.0.10)
    timeout (0.3.0)
    ttfunk (1.7.0)
    tzinfo (2.0.4)
      concurrent-ruby (~> 1.0)
    tzinfo-data (1.2021.1)
      tzinfo (>= 1.0.0)
    unicode-display_width (2.0.0)
    websocket-driver (0.7.5)
      websocket-extensions (>= 0.1.0)
    websocket-extensions (0.1.5)
    yard (0.9.26)
    yard-rspec (0.1)
      yard
    zeitwerk (2.6.0)

PLATFORMS
  ruby

DEPENDENCIES
  airbrussh
  asciidoctor
  awesome_print
  babel-transpiler
  bcrypt_pbkdf
  bootsnap
  capistrano
  capistrano-bundler
  capistrano-rails
  capistrano-rbenv
  capistrano3-puma!
  codecov
  colored2
  connection_pool
  dalli
  ddtrace
  dogapi (~> 1.29.0)
  dogstatsd-ruby
  ed25519
  haml
  jbuilder
  laser-cutter (= 1.0.3)
  lograge
  mry
  newrelic_rpm
  puma
  rack-timeout
  rails (>= 6.1.6.1)
  rb-fsevent
  rspec-its
  rspec-rails
  rubocop
  rubocop-rails
  rubocop-rspec
  rufo
  sassc-rails
  sdoc
  simplecov
  solargraph
  sprockets
  sprockets-rails
  sym
  tzinfo-data
  yard
  yard-rspec

BUNDLED WITH
   2.1.4
